GEM
  remote: https://rubygems.org/
  specs:
    rake (10.4.2)

PLATFORMS
  java
  ruby

DEPENDENCIES
  rake
