GEM
  remote: https://rubygems.org/
  specs:
    execjs (2.6.0)
    json (1.8.3)
    json (1.8.3-java)
    libv8 (3.16.14.11)
    rake (10.4.2)
    ref (2.0.0)
    therubyracer (0.12.2)
      libv8 (~> 3.16.14.0)
      ref
    uglifier (2.7.2)
      execjs (>= 0.3.0)
      json (>= 1.8.0)

PLATFORMS
  java
  ruby

DEPENDENCIES
  rake
  therubyracer
  uglifier

BUNDLED WITH
   1.10.6
